GEM
  remote: http://rubygems.org/
  specs:
    boom (0.2.2)
      json_pure (~> 1.5.3)
      multi_json (~> 1.0.3)
    crack (0.1.8)
    httparty (0.7.8)
      crack (= 0.1.8)
    json_pure (1.5.3)
    multi_json (1.0.3)

PLATFORMS
  java

DEPENDENCIES
  boom
  httparty
